GEM
  remote: https://rubygems.org/
  specs:
    bech32 (1.3.0)
      thor (>= 1.1.0)
    bip-schnorr (0.4.0)
      ecdsa (~> 1.2.0)
    ecdsa (1.2.0)
    event_emitter (0.2.6)
    eventmachine (1.2.7)
    faye-websocket (0.11.1)
      eventmachine (>= 0.12.0)
      websocket-driver (>= 0.5.1)
    json (2.6.3)
    json-minify (0.0.3)
      json (> 0)
    nostr (0.4.0)
      bech32 (~> 1.3)
      bip-schnorr (~> 0.4)
      ecdsa (~> 1.2)
      event_emitter (~> 0.2)
      faye-websocket (~> 0.11)
      json (~> 2.6)
    thor (1.2.1)
    websocket-driver (0.7.5)
      websocket-extensions (>= 0.1.0)
    websocket-extensions (0.1.5)

PLATFORMS
  x86_64-darwin-22

DEPENDENCIES
  json (~> 2.6)
  json-minify
  nostr (~> 0.4.0)

BUNDLED WITH
   2.4.6
